GEM
  remote: https://rubygems.org/
  specs:
    bigdecimal (3.1.8)
    etc (1.4.3)
    highline (3.1.1)
      reline
    io-console (0.7.2)
    mini_magick (5.0.1)
    oj (3.16.6)
      bigdecimal (>= 3.0)
      ostruct (>= 0.2)
    options (2.3.2)
    ostruct (0.6.0)
    progress_bar (1.3.4)
      highline (>= 1.6)
      options (~> 2.3.0)
    reline (0.5.10)
      io-console (~> 0.5)

PLATFORMS
  ruby
  x86_64-linux

DEPENDENCIES
  etc (~> 1.4)
  mini_magick (~> 5.0)
  oj (~> 3.16)
  progress_bar (~> 1.3)

BUNDLED WITH
   2.5.16
